GEM
  specs:
    ecma-re-validator (0.2.0)
      regexp_parser (~> 1.2)
    hana (1.3.5)
    json_schemer (0.2.0)
      ecma-re-validator (~> 0.2.0)
      hana (~> 1.3.3)
      regexp_parser (~> 1.2.0)
      uri_template (~> 0.7.0)
    regexp_parser (1.2.0)
    trollop (2.9.9)
    uri_template (0.7.0)
    yamllint (0.0.9)
      trollop (~> 2)

PLATFORMS
  ruby

DEPENDENCIES
  json_schemer
  yamllint

BUNDLED WITH
   2.0.2
